GEM
  remote: https://rubygems.org/
  specs:
    activesupport (5.1.5)
      concurrent-ruby (~> 1.0, >= 1.0.2)
      i18n (~> 0.7)
      minitest (~> 5.1)
      tzinfo (~> 1.1)
    concurrent-ruby (1.0.5)
    feedparser (2.1.0)
      logutils (>= 0.6.1)
      textutils (>= 1.0.0)
    i18n (0.9.5)
      concurrent-ruby (~> 1.0)
    iniparser (0.1.0)
    json (2.1.0)
    logutils (0.6.1)
    minitest (5.11.3)
    props (1.2.0)
      iniparser (>= 0.1.0)
    rubyzip (1.2.1)
    textutils (1.4.0)
      activesupport
      logutils (>= 0.6.1)
      props (>= 1.1.2)
      rubyzip (>= 1.0.0)
    thread_safe (0.3.6)
    tzinfo (1.2.5)
      thread_safe (~> 0.1)

PLATFORMS
  ruby

DEPENDENCIES
  feedparser
  json

BUNDLED WITH
   1.12.1
